FRAMEWORK: >= NET45
NUGET
  remote: http://www.nuget.org/api/v2
    Gu.Wpf.Media (0.3.3)
    JetBrains.Annotations (10.1.5)
    NUnit (3.4.1)
    StyleCop.Analyzers (1.0)
    Windows7APICodePack-Core (1.1)
    Windows7APICodePack-Shell (1.1)
      Windows7APICodePack-Core (>= 1.1)
